PATH
  remote: .
  specs:
    solrizer-fedora (1.1.3)
      active-fedora (>= 2.3.0)
      fastercsv
      rsolr
      solr-ruby (>= 0.0.6)
      solrizer (>= 1.0.0)

GEM
  remote: http://rubygems.org/
  specs:
    RedCloth (4.2.8)
    active-fedora (2.3.5)
      activeresource
      equivalent-xml
      facets
      mediashelf-loggable
      mime-types (>= 1.16)
      multipart-post (= 1.1.2)
      nokogiri
      om (>= 1.0)
      solr-ruby (>= 0.0.6)
      solrizer (> 1.0.0)
      xml-simple (>= 1.0.12)
    activemodel (3.1.0)
      activesupport (= 3.1.0)
      bcrypt-ruby (~> 3.0.0)
      builder (~> 3.0.0)
      i18n (~> 0.6)
    activeresource (3.1.0)
      activemodel (= 3.1.0)
      activesupport (= 3.1.0)
    activesupport (3.1.0)
      multi_json (~> 1.0)
    bcrypt-ruby (3.0.0)
    builder (3.0.0)
    columnize (0.3.4)
    daemons (1.1.4)
    equivalent-xml (0.2.7)
      nokogiri (>= 1.4.3)
    facets (2.9.2)
    fastercsv (1.5.4)
    git (1.2.5)
    i18n (0.6.0)
    jettywrapper (0.0.10)
      logger
      mediashelf-loggable
    jeweler (1.6.4)
      bundler (~> 1.0)
      git (>= 1.2.5)
      rake
    linecache (0.46)
      rbx-require-relative (> 0.0.4)
    logger (1.2.8)
    mediashelf-loggable (0.4.7)
    mime-types (1.16)
    mocha (0.9.12)
    multi_json (1.0.3)
    multipart-post (1.1.2)
    nokogiri (1.5.0)
    om (1.4.0)
      mediashelf-loggable
      nokogiri (>= 1.4.2)
    rake (0.9.2)
    rbx-require-relative (0.0.5)
    rcov (0.9.10)
    rsolr (1.0.2)
      builder (>= 2.1.2)
    rspec (1.3.2)
    ruby-debug (0.10.4)
      columnize (>= 0.1)
      ruby-debug-base (~> 0.10.4.0)
    ruby-debug-base (0.10.4)
      linecache (>= 0.3)
    solr-ruby (0.0.8)
    solrizer (1.1.0)
      daemons
      mediashelf-loggable
      nokogiri
      om (>= 1.0.0)
      stomp
      xml-simple
    stomp (1.1.9)
    xml-simple (1.1.0)
    yard (0.7.2)

PLATFORMS
  ruby

DEPENDENCIES
  RedCloth
  jettywrapper
  jeweler
  mocha
  rcov
  rspec (< 2.0.0)
  ruby-debug
  ruby-debug-base
  solrizer-fedora!
  yard
