PATH
  remote: .
  specs:
    solrizer-fedora (1.1.3)
      active-fedora (~> 3.1.0)
      activesupport
      fastercsv
      jettywrapper (~> 1.1.0)
      rsolr
      solr-ruby (>= 0.0.6)
      solrizer (>= 1.0.0)

GEM
  remote: http://rubygems.org/
  specs:
    RedCloth (4.2.8)
    active-fedora (3.1.4)
      activeresource (~> 3.0.0)
      activesupport (~> 3.0.0)
      equivalent-xml
      facets
      mediashelf-loggable
      mime-types (>= 1.16)
      multipart-post (= 1.1.2)
      nokogiri
      om (>= 1.4.3)
      rdf
      rdf-rdfxml
      rubydora (~> 0.2.6)
      solr-ruby (>= 0.0.6)
      solrizer (> 1.0.0)
      xml-simple (>= 1.0.12)
    activemodel (3.0.11)
      activesupport (= 3.0.11)
      builder (~> 2.1.2)
      i18n (~> 0.5.0)
    activeresource (3.0.11)
      activemodel (= 3.0.11)
      activesupport (= 3.0.11)
    activesupport (3.0.11)
    addressable (2.2.6)
    akami (1.0.0)
      gyoku (>= 0.4.0)
    builder (2.1.2)
    childprocess (0.2.2)
      ffi (~> 1.0.6)
    columnize (0.3.4)
    daemons (1.1.4)
    equivalent-xml (0.2.8)
      nokogiri (>= 1.4.3)
    facets (2.9.2)
    fastercsv (1.5.4)
    ffi (1.0.11)
    git (1.2.5)
    gyoku (0.4.4)
      builder (>= 2.1.2)
    httpi (0.9.5)
      rack
    i18n (0.5.0)
    jettywrapper (1.1.0)
      activesupport (>= 3.0.0)
      childprocess
      i18n
      logger
      mediashelf-loggable
    jeweler (1.6.4)
      bundler (~> 1.0)
      git (>= 1.2.5)
      rake
    linecache (0.46)
      rbx-require-relative (> 0.0.4)
    logger (1.2.8)
    mediashelf-loggable (0.4.7)
    metaclass (0.0.1)
    mime-types (1.17.2)
    mocha (0.10.0)
      metaclass (~> 0.0.1)
    multipart-post (1.1.2)
    nokogiri (1.5.0)
    nori (1.0.2)
    om (1.4.3)
      mediashelf-loggable
      nokogiri (>= 1.4.2)
    rack (1.3.5)
    rake (0.9.2.2)
    rbx-require-relative (0.0.5)
    rcov (0.9.11)
    rdf (0.3.4.1)
      addressable (>= 2.2.6)
    rdf-rdfxml (0.3.5)
      nokogiri (>= 1.4.4)
      rdf (>= 0.3.4)
    rest-client (1.6.7)
      mime-types (>= 1.16)
    rsolr (1.0.2)
      builder (>= 2.1.2)
    rspec (1.3.2)
    ruby-debug (0.10.4)
      columnize (>= 0.1)
      ruby-debug-base (~> 0.10.4.0)
    ruby-debug-base (0.10.4)
      linecache (>= 0.3)
    rubydora (0.2.6)
      activemodel
      activesupport
      fastercsv
      mime-types
      nokogiri
      rest-client
      savon
    savon (0.9.7)
      akami (~> 1.0)
      builder (>= 2.1.2)
      gyoku (>= 0.4.0)
      httpi (~> 0.9)
      nokogiri (>= 1.4.0)
      nori (~> 1.0)
      wasabi (~> 2.0)
    solr-ruby (0.0.8)
    solrizer (1.1.2)
      daemons
      mediashelf-loggable
      nokogiri
      om (>= 1.4.0)
      stomp
      xml-simple
    stomp (1.1.10)
    wasabi (2.0.0)
      nokogiri (>= 1.4.0)
    xml-simple (1.1.1)
    yard (0.7.3)

PLATFORMS
  ruby

DEPENDENCIES
  RedCloth
  jettywrapper
  jeweler
  mocha
  rcov
  rspec (< 2.0.0)
  ruby-debug
  ruby-debug-base
  solrizer-fedora!
  yard
