PATH
  remote: .
  specs:
    solrizer-fedora (1.2.3)
      active-fedora (~> 3.2.0)
      activesupport (= 3.0.11)
      fastercsv
      rsolr (= 1.0.6)
      solr-ruby (>= 0.0.6)
      solrizer (>= 1.0.0)

GEM
  remote: http://rubygems.org/
  specs:
    RedCloth (4.2.9)
    active-fedora (3.2.2)
      activeresource (>= 3.0.0)
      activesupport (>= 3.0.0)
      equivalent-xml
      facets
      mediashelf-loggable
      mime-types (>= 1.16)
      multipart-post (= 1.1.2)
      nokogiri
      om (>= 1.4.4)
      rdf
      rdf-rdfxml
      rubydora (~> 0.4.1)
      solr-ruby (>= 0.0.6)
      solrizer (> 1.0.0)
      xml-simple (>= 1.0.12)
    activemodel (3.0.11)
      activesupport (= 3.0.11)
      builder (~> 2.1.2)
      i18n (~> 0.5.0)
    activeresource (3.0.11)
      activemodel (= 3.0.11)
      activesupport (= 3.0.11)
    activesupport (3.0.11)
    addressable (2.2.6)
    akami (1.0.0)
      gyoku (>= 0.4.0)
    builder (2.1.2)
    childprocess (0.2.3)
      ffi (~> 1.0.6)
    daemons (1.1.6)
    diff-lcs (1.1.3)
    equivalent-xml (0.2.9)
      nokogiri (>= 1.4.3)
    facets (2.9.3)
    fastercsv (1.5.4)
    ffi (1.0.11)
    git (1.2.5)
    gyoku (0.4.4)
      builder (>= 2.1.2)
    httpi (0.9.5)
      rack
    i18n (0.5.0)
    jettywrapper (1.2.0)
      activesupport (>= 3.0.0)
      childprocess
      i18n
      logger
      mediashelf-loggable
    jeweler (1.6.4)
      bundler (~> 1.0)
      git (>= 1.2.5)
      rake
    json (1.6.5)
    logger (1.2.8)
    mediashelf-loggable (0.4.9)
    metaclass (0.0.1)
    mime-types (1.17.2)
    mocha (0.10.0)
      metaclass (~> 0.0.1)
    multipart-post (1.1.2)
    nokogiri (1.5.0)
    nori (1.0.2)
    om (1.5.0)
      mediashelf-loggable
      nokogiri (>= 1.4.2)
    rack (1.4.1)
    rake (0.9.2.2)
    rdf (0.3.4.1)
      addressable (>= 2.2.6)
    rdf-rdfxml (0.3.5)
      nokogiri (>= 1.4.4)
      rdf (>= 0.3.4)
    rdoc (3.12)
      json (~> 1.4)
    rest-client (1.6.7)
      mime-types (>= 1.16)
    rsolr (1.0.6)
      builder (>= 2.1.2)
    rspec (2.8.0)
      rspec-core (~> 2.8.0)
      rspec-expectations (~> 2.8.0)
      rspec-mocks (~> 2.8.0)
    rspec-core (2.8.0)
    rspec-expectations (2.8.0)
      diff-lcs (~> 1.1.2)
    rspec-mocks (2.8.0)
    rubydora (0.4.1)
      activemodel
      activesupport
      fastercsv
      mime-types
      nokogiri
      rest-client
      savon
    savon (0.9.7)
      akami (~> 1.0)
      builder (>= 2.1.2)
      gyoku (>= 0.4.0)
      httpi (~> 0.9)
      nokogiri (>= 1.4.0)
      nori (~> 1.0)
      wasabi (~> 2.0)
    solr-ruby (0.0.8)
    solrizer (1.1.2)
      daemons
      mediashelf-loggable
      nokogiri
      om (>= 1.4.0)
      stomp
      xml-simple
    stomp (1.2.0)
    wasabi (2.0.0)
      nokogiri (>= 1.4.0)
    xml-simple (1.1.1)
    yard (0.7.4)

PLATFORMS
  ruby

DEPENDENCIES
  RedCloth
  jettywrapper
  jeweler
  mocha
  rdoc
  rspec (>= 2.8.0)
  solrizer-fedora!
  yard
